GEM
  remote: https://gems.ruby-china.com/
  specs:
    figaro (1.2.0)
      thor (>= 0.14.0, < 2)
    httparty (0.18.1)
      mime-types (~> 3.0)
      multi_xml (>= 0.5.2)
    log4r (1.1.10)
    mime-types (3.3.1)
      mime-types-data (~> 3.2015)
    mime-types-data (3.2021.0225)
    multi_xml (0.6.0)
    thor (1.1.0)

PLATFORMS
  x86_64-linux

DEPENDENCIES
  figaro
  httparty
  log4r

RUBY VERSION
   ruby 2.5.8p224

BUNDLED WITH
   2.2.12
